GIT
  remote: git://github.com/kares/yard-method-overrides.git
  revision: 7b4967860c997920ab6184a0bab7aa6b68f195a1
  specs:
    yard-method-overrides (0.2.0)
      yard (>= 0.7.0)

GEM
  remote: https://rubygems.org/
  specs:
    actionpack (3.2.14)
      activemodel (= 3.2.14)
      activesupport (= 3.2.14)
      builder (~> 3.0.0)
      erubis (~> 2.7.0)
      journey (~> 1.0.4)
      rack (~> 1.4.5)
      rack-cache (~> 1.2)
      rack-test (~> 0.6.1)
      sprockets (~> 2.2.1)
    activemodel (3.2.14)
      activesupport (= 3.2.14)
      builder (~> 3.0.0)
    activerecord (3.2.14)
      activemodel (= 3.2.14)
      activesupport (= 3.2.14)
      arel (~> 3.0.2)
      tzinfo (~> 0.3.29)
    activesupport (3.2.14)
      i18n (~> 0.6, >= 0.6.4)
      multi_json (~> 1.0)
    appraisal (0.5.2)
      bundler
      rake
    arel (3.0.2)
    atomic (1.1.10)
    atomic (1.1.10-java)
    bcrypt-ruby (3.0.1)
    bcrypt-ruby (3.0.1-java)
    bouncy-castle-java (1.5.0147)
    builder (3.0.4)
    columnize (0.3.6)
    erubis (2.7.0)
    hike (1.2.3)
    i18n (0.6.4)
    journey (1.0.4)
    jruby-openssl (0.8.8)
      bouncy-castle-java (>= 1.5.0147)
    kramdown (1.1.0)
    linecache (0.46)
      rbx-require-relative (> 0.0.4)
    metaclass (0.0.1)
    mocha (0.13.3)
      metaclass (~> 0.0.1)
    multi_json (1.7.7)
    mysql2 (0.3.13)
    pg (0.16.0)
    rack (1.4.5)
    rack-cache (1.2)
      rack (>= 0.4)
    rack-test (0.6.2)
      rack (>= 1.0)
    rake (10.1.0)
    rbx-require-relative (0.0.9)
    ruby-debug (0.10.4)
      columnize (>= 0.1)
      ruby-debug-base (~> 0.10.4.0)
    ruby-debug-base (0.10.4)
      linecache (>= 0.3)
    ruby-debug-base (0.10.4-java)
    simplecov (0.7.1)
      multi_json (~> 1.0)
      simplecov-html (~> 0.7.1)
    simplecov-html (0.7.1)
    sprockets (2.2.2)
      hike (~> 1.2)
      multi_json (~> 1.0)
      rack (~> 1.0)
      tilt (~> 1.1, != 1.3.0)
    sqlite3 (1.3.7)
    test-unit (2.5.4)
    test-unit-context (0.3.1)
      test-unit (>= 2.4.0)
    thread_safe (0.1.2)
      atomic
    thread_safe (0.1.2-java)
      atomic
    tilt (1.4.1)
    tzinfo (0.3.37)
    yard (0.8.7)

PLATFORMS
  java
  ruby

DEPENDENCIES
  actionpack
  activerecord
  appraisal
  bcrypt-ruby (~> 3.0.0)
  erubis
  jruby-openssl
  kramdown
  mocha (~> 0.13.1)
  mysql2
  pg
  rake
  ruby-debug
  simplecov
  sqlite3
  test-unit (= 2.5.4)
  test-unit-context (>= 0.3.0)
  thread_safe
  yard
  yard-method-overrides!
